GEM
  remote: https://rubygems.org/
  specs:
    certified (0.1.1)
    e (0.4.8)
      rack (~> 1.5)
      tilt (~> 1.3)
    http (0.4.0)
      certified
      http_parser.rb
    http_parser.rb (0.5.3)
    rack (1.5.2)
    tilt (1.4.1)

PLATFORMS
  ruby

DEPENDENCIES
  e
  http
