GEM
  remote: https://rubygems.org/
  specs:
    e (0.4.8)
      rack (~> 1.5)
      tilt (~> 1.3)
    faraday (0.8.7)
      multipart-post (~> 1.1)
    multipart-post (1.2.0)
    rack (1.5.2)
    redis (3.0.4)
    tilt (1.4.1)

PLATFORMS
  java

DEPENDENCIES
  e
  faraday
  redis
